GEM
  remote: https://rubygems.org/
  specs:
    asciidoctor (2.0.23)

PLATFORMS
  arm64-darwin-24
  ruby

DEPENDENCIES
  asciidoctor

BUNDLED WITH
   2.6.3
